GEM
  remote: https://rubygems.org/
  specs:
    slack-notifier (2.3.2)
    yudachi (0.0.1)
      slack-notifier

PLATFORMS
  ruby

DEPENDENCIES
  yudachi

BUNDLED WITH
   2.0.2
